GEM
  remote: http://rubygems.org/
  specs:
    daemons (1.1.3)
    eventmachine (0.12.10)
    json (1.5.1)
    mime-types (1.16)
    pg (0.11.0)
    rack (1.3.0)
    rest-client (1.6.1)
      mime-types (>= 1.16)
    ruby-openid (2.1.8)
    sequel (3.24.1)
    sinatra (1.2.6)
      rack (~> 1.1)
      tilt (< 2.0, >= 1.2.2)
    sqlite3 (1.3.3)
    thin (1.2.11)
      daemons (>= 1.0.9)
      eventmachine (>= 0.12.6)
      rack (>= 1.0.0)
    tilt (1.3.2)
    time-lord (0.1.5)
    warden (1.0.4)
      rack (>= 1.0)
    warden-googleapps (0.1.4)
      ruby-openid
      warden

PLATFORMS
  ruby

DEPENDENCIES
  json
  pg
  rest-client
  sequel
  sinatra
  sqlite3
  thin
  time-lord
  warden
  warden-googleapps
